GEM
  remote: http://rubygems.org/
  specs:
    coffee-script (2.2.0)
      coffee-script-source
      execjs
    coffee-script-source (1.4.0)
    commonjs (0.2.6)
    directory_watcher (1.4.1)
    execjs (1.4.0)
      multi_json (~> 1.0)
    haml (3.1.7)
    less (2.2.2)
      commonjs (~> 0.2.6)
    libv8 (3.11.8.13)
    multi_json (1.5.0)
    redcarpet (2.2.2)
    ref (1.0.2)
    slop (3.3.2)
    stasis (0.2.0)
      directory_watcher (= 1.4.1)
      slop (= 3.3.2)
      tilt (= 1.3.3)
    therubyracer (0.11.3)
      libv8 (~> 3.11.8.12)
      ref
    tilt (1.3.3)

PLATFORMS
  ruby

DEPENDENCIES
  coffee-script
  haml
  less
  redcarpet
  stasis
  therubyracer
  tilt
